GEM
  remote: http://rubygems.org/
  specs:
    cocoapods (0.5.1)
      xcodeproj (~> 0.1.0)
    motion-cocoapods (1.0.3)
      cocoapods (>= 0.5.1)
    nitron (0.2)
      motion-cocoapods (>= 1.0.1)
    rake (0.9.2.2)
    xcodeproj (0.1.0)

PLATFORMS
  ruby

DEPENDENCIES
  nitron
  rake
